NUGET
  remote: https://www.nuget.org/api/v2
    Argu (3.2)
    DotNet.Contracts (1.10.20606.1) - framework: >= net45
    dotNetRDF (1.0.12)
      HtmlAgilityPack (>= 1.4.9) - framework: >= net35
      Newtonsoft.Json (>= 8.0.3) - framework: >= net35, portable-monoandroid10+monotouch10+sl4+wp8
      VDS.Common (1.6.4) - framework: >= net35, portable-monoandroid10+monotouch10+sl4+wp8
    DotParser (1.0.6) - framework: >= net45
      FSharp.Core
      FSharpx.Collections.Experimental
    ExtCore (0.8.43)
    FAKE (4.50)
    FsCheck (0.9.2) - framework: >= net40
    FSharp.Compiler.Service (2.0.0.6)
    FSharp.Core (4.0.0.1)
    FSharp.Formatting (2.14.4)
      FSharp.Compiler.Service (2.0.0.6)
      FSharpVSPowerTools.Core (>= 2.3 < 2.4)
    FSharpVSPowerTools.Core (2.3)
      FSharp.Compiler.Service (>= 2.0.0.3)
    FSharpx.Collections (1.15.2) - framework: >= net45
      FSharp.Core
    FSharpx.Collections.Experimental (1.15.2) - framework: >= net45
      FSharp.Core
      FSharpx.Collections (>= 1.15.2)
    FSharpx.Core (1.8.32)
    FSharpx.Text.StructuredFormat (2.2.1)
      FSharp.Core
    FsLexYacc (6.0) - framework: >= net45
    FsLexYacc.Runtime (6.0.2) - framework: >= net40
    FsUnit (1.3.0.1) - framework: >= net40
      NUnit (>= 2.6.3)
    HtmlAgilityPack (1.4.9.5) - framework: >= net35
    Microsoft.Bcl (1.1.10) - framework: net10, net11, net20, net30, net35, net40, net40-full
      Microsoft.Bcl.Build (>= 1.0.14)
    Microsoft.Bcl.Build (1.0.21) - import_targets: false, framework: net10, net11, net20, net30, net35, net40, net40-full
    Microsoft.CSharp (4.3) - framework: >= net35
    Microsoft.Net.Http (2.2.29) - framework: net10, net11, net20, net30, net35, net40, net40-full
      Microsoft.Bcl (>= 1.1.10)
      Microsoft.Bcl.Build (>= 1.0.14)
    Microsoft.Win32.Primitives (4.3) - framework: >= net463
    Mono.Addins (1.3.2)
    NETStandard.Library (1.6.1) - framework: >= net463
      Microsoft.Win32.Primitives (>= 4.3) - framework: >= net46, >= netstandard13
      System.AppContext (>= 4.3) - framework: >= net46, >= netstandard13
      System.Collections.Concurrent (>= 4.3) - framework: >= net45, >= netstandard11
      System.Console (>= 4.3) - framework: >= net46, >= netstandard13
      System.Diagnostics.Tracing (>= 4.3) - framework: >= net45, >= netstandard11
      System.Globalization.Calendars (>= 4.3) - framework: >= net46, >= netstandard13
      System.IO.Compression (>= 4.3) - framework: >= net45, >= netstandard11
      System.IO.Compression.ZipFile (>= 4.3) - framework: >= net46, >= netstandard13
      System.IO.FileSystem (>= 4.3) - framework: >= net46, >= netstandard13
      System.IO.FileSystem.Primitives (>= 4.3) - framework: >= net46, >= netstandard13
      System.Net.Http (>= 4.3) - framework: >= net45, >= netstandard11
      System.Net.Sockets (>= 4.3) - framework: >= net46, >= netstandard13
      System.Runtime.Handles (>= 4.3) - framework: >= net46, >= netstandard13
      System.Runtime.InteropServices (>= 4.3) - framework: >= net45, >= netstandard11
      System.Runtime.InteropServices.RuntimeInformation (>= 4.3) - framework: >= net45, >= netstandard11
      System.Runtime.Numerics (>= 4.3) - framework: >= net45, >= netstandard11
      System.Security.Cryptography.Algorithms (>= 4.3) - framework: >= net46, >= netstandard13
      System.Security.Cryptography.Encoding (>= 4.3) - framework: >= net46, >= netstandard13
      System.Security.Cryptography.Primitives (>= 4.3) - framework: >= net46, >= netstandard13
      System.Security.Cryptography.X509Certificates (>= 4.3) - framework: >= net46, >= netstandard13
      System.Threading.Timer (>= 4.3) - framework: >= net451, >= netstandard12
    Newtonsoft.Json (9.0.1) - framework: >= net35, portable-monoandroid10+monotouch10+sl4+wp8
      Microsoft.CSharp (>= 4.0.1) - framework: >= netstandard10
      System.Collections (>= 4.0.11) - framework: >= netstandard10
      System.Diagnostics.Debug (>= 4.0.11) - framework: >= netstandard10
      System.Dynamic.Runtime (>= 4.0.11) - framework: >= netstandard10
      System.Globalization (>= 4.0.11) - framework: >= netstandard10
      System.IO (>= 4.1) - framework: >= netstandard10
      System.Linq (>= 4.1) - framework: >= netstandard10
      System.Linq.Expressions (>= 4.1) - framework: >= netstandard10
      System.ObjectModel (>= 4.0.12) - framework: >= netstandard10
      System.Reflection (>= 4.1) - framework: >= netstandard10
      System.Reflection.Extensions (>= 4.0.1) - framework: >= netstandard10
      System.Resources.ResourceManager (>= 4.0.1) - framework: >= netstandard10
      System.Runtime (>= 4.1) - framework: >= netstandard10
      System.Runtime.Extensions (>= 4.1) - framework: >= netstandard10
      System.Runtime.Serialization.Primitives (>= 4.1.1) - framework: >= netstandard10
      System.Text.Encoding (>= 4.0.11) - framework: >= netstandard10
      System.Text.Encoding.Extensions (>= 4.0.11) - framework: >= netstandard10
      System.Text.RegularExpressions (>= 4.1) - framework: >= netstandard10
      System.Threading (>= 4.0.11) - framework: >= netstandard10
      System.Threading.Tasks (>= 4.0.11) - framework: >= netstandard10
      System.Xml.ReaderWriter (>= 4.0.11) - framework: >= netstandard10
      System.Xml.XDocument (>= 4.0.11) - framework: >= netstandard10
    NLog (4.4.2) - framework: >= net40
    NLog.Config (2.0.1.2) - framework: >= net40
      NLog (>= 2.0.1.2)
    NuGet.CommandLine (3.5)
    NUnit (3.6) - framework: >= net40
      NETStandard.Library (>= 1.6) - framework: >= net463, >= netstandard16
      System.Runtime.Loader (>= 4.0) - framework: >= net463, >= netstandard16
    NUnit.ConsoleRunner (3.6)
    NUnit.Extension.NUnitProjectLoader (3.5)
    NUnit.Extension.NUnitV2Driver (3.6)
    NUnit.Extension.NUnitV2ResultWriter (3.5)
    NUnit.Extension.TeamCityEventListener (1.0.2)
    NUnit.Extension.VSProjectLoader (3.5)
    NUnit.Runners (3.6)
      NUnit.ConsoleRunner (>= 3.6)
      NUnit.Extension.NUnitProjectLoader (>= 3.5)
      NUnit.Extension.NUnitV2Driver (>= 3.6)
      NUnit.Extension.NUnitV2ResultWriter (>= 3.5)
      NUnit.Extension.TeamCityEventListener (>= 1.0.2)
      NUnit.Extension.VSProjectLoader (>= 3.5)
    Octokit (0.24)
      Microsoft.Net.Http  - framework: net10, net11, net20, net30, net35, net40, net40-full
    SourceLink.Fake (1.1)
    System.AppContext (4.3) - framework: >= net463
    System.Collections (4.3) - framework: >= net35
    System.Collections.Concurrent (4.3) - framework: >= net463
    System.Console (4.3) - framework: >= net463
    System.Diagnostics.Debug (4.3) - framework: >= net35
    System.Diagnostics.DiagnosticSource (4.3) - framework: >= net463
    System.Diagnostics.Tracing (4.3) - framework: >= net463
    System.Dynamic.Runtime (4.3) - framework: >= net35
    System.Globalization (4.3) - framework: >= net35
    System.Globalization.Calendars (4.3) - framework: >= net463
    System.IO (4.3) - framework: >= net35
    System.IO.Compression (4.3) - framework: >= net463
    System.IO.Compression.ZipFile (4.3) - framework: >= net463
    System.IO.FileSystem (4.3) - framework: >= net463
      System.IO.FileSystem.Primitives (>= 4.3) - framework: >= net46, >= netstandard13
    System.IO.FileSystem.Primitives (4.3) - framework: >= net463
    System.Linq (4.3) - framework: >= net35
    System.Linq.Expressions (4.3) - framework: >= net35
    System.Net.Http (4.3) - framework: >= net463
      System.Diagnostics.DiagnosticSource (>= 4.3) - framework: >= net46, dnxcore50, netstandard13, >= netstandard16
      System.Security.Cryptography.X509Certificates (>= 4.3) - framework: >= net46, dnxcore50, netstandard13, >= netstandard16
    System.Net.Sockets (4.3) - framework: >= net463
    System.ObjectModel (4.3) - framework: >= net35
    System.Reflection (4.3) - framework: >= net35
    System.Reflection.Extensions (4.3) - framework: >= net35
    System.Resources.ResourceManager (4.3) - framework: >= net35
    System.Runtime (4.3) - framework: >= net35
    System.Runtime.Extensions (4.3) - framework: >= net35
    System.Runtime.Handles (4.3) - framework: >= net463
    System.Runtime.InteropServices (4.3) - framework: >= net463
      System.Runtime (>= 4.3) - framework: net462, >= net463, dnxcore50, netstandard11, netstandard12, netstandard13, >= netstandard15
    System.Runtime.InteropServices.RuntimeInformation (4.3) - framework: >= net463
    System.Runtime.Loader (4.3) - framework: >= net463
    System.Runtime.Numerics (4.3) - framework: >= net463
    System.Runtime.Serialization.Primitives (4.3) - framework: >= net35
    System.Security.Cryptography.Algorithms (4.3) - framework: >= net463
      System.IO (>= 4.3) - framework: >= net463, dnxcore50, netstandard13, netstandard14, >= netstandard16
      System.Runtime (>= 4.3) - framework: >= net463, dnxcore50, netstandard13, netstandard14, >= netstandard16
      System.Security.Cryptography.Encoding (>= 4.3) - framework: >= net463, dnxcore50, >= netstandard16
      System.Security.Cryptography.Primitives (>= 4.3) - framework: net46, net461, >= net463, dnxcore50, netstandard13, netstandard14, >= netstandard16
    System.Security.Cryptography.Encoding (4.3) - framework: >= net463
    System.Security.Cryptography.Primitives (4.3) - framework: >= net463
    System.Security.Cryptography.X509Certificates (4.3) - framework: >= net463
      System.Security.Cryptography.Algorithms (>= 4.3) - framework: net46, >= net461, dnxcore50, netstandard13, netstandard14, >= netstandard16
      System.Security.Cryptography.Encoding (>= 4.3) - framework: net46, >= net461, dnxcore50, netstandard13, netstandard14, >= netstandard16
    System.Text.Encoding (4.3) - framework: >= net35
    System.Text.Encoding.Extensions (4.3) - framework: >= net35
    System.Text.RegularExpressions (4.3) - framework: >= net35
    System.Threading (4.3) - framework: >= net35
    System.Threading.Tasks (4.3) - framework: >= net35
    System.Threading.Timer (4.3) - framework: >= net463
    System.Xml.ReaderWriter (4.3) - framework: >= net35
    System.Xml.XDocument (4.3) - framework: >= net35
    VDS.Common (1.6.4) - framework: >= net35, portable-monoandroid10+monotouch10+sl4+wp8
    YC.PrettyPrinter (0.0.5)
      FSharp.Core
    YC.QuickGraph (3.7.3) - framework: >= net45
      DotNet.Contracts
      DotParser (>= 1.0.6)
      FSharp.Core
    YC.Utils.SourceText (0.3.0.1)
      FSharp.Core (4.0.0.1)
GITHUB
  remote: fsharp/FAKE
    modules/Octokit/Octokit.fsx (e842705560e95dd75dd2c6a78fb1ae62db545297)
      Octokit (>= 0.20)